GEM
  remote: https://rubygems.org/
  specs:
    coderay (1.0.9)
    cssmin (1.0.3)
    ffi (1.9.0)
    formatador (0.2.4)
    guard (1.8.1)
      formatador (>= 0.2.4)
      listen (>= 1.0.0)
      lumberjack (>= 1.0.2)
      pry (>= 0.9.10)
      thor (>= 0.14.6)
    guard-haml (0.5)
      guard (>= 1.1)
      haml (>= 3.0)
    guard-jammit (1.0.1)
      guard (>= 1.1.0)
      jammit
    guard-sass (1.3.1)
      guard (>= 1.1.0)
      sass (>= 3.1)
    haml (4.0.3)
      tilt
    jammit (0.6.6)
      cssmin (>= 1.0.3)
      jsmin (>= 1.0.1)
    jsmin (1.0.1)
    listen (1.2.2)
      rb-fsevent (>= 0.9.3)
      rb-inotify (>= 0.9)
      rb-kqueue (>= 0.2)
    lumberjack (1.0.3)
    method_source (0.8.1)
    pry (0.9.12.2)
      coderay (~> 1.0.5)
      method_source (~> 0.8)
      slop (~> 3.4)
    rb-fsevent (0.9.3)
    rb-inotify (0.9.0)
      ffi (>= 0.5.0)
    rb-kqueue (0.2.0)
      ffi (>= 0.5.0)
    sass (3.2.9)
    slop (3.4.5)
    thor (0.18.1)
    tilt (1.4.1)

PLATFORMS
  ruby

DEPENDENCIES
  guard-haml
  guard-jammit
  guard-sass
